GEM
  remote: https://rubygems.org/
  specs:
    net-ssh (2.9.1)
    net-ssh-gateway (1.2.0)
      net-ssh (>= 2.6.5)

PLATFORMS
  ruby

DEPENDENCIES
  net-ssh-gateway
